GEM
  remote: https://rubygems.org/
  specs:
    colorize (0.7.3)
    sass (3.4.0)
    scss-lint (0.7.0)
      colorize
      sass
    susy (2.1.3)
      sass (>= 3.3.0, < 3.5)

PLATFORMS
  ruby

DEPENDENCIES
  sass
  scss-lint
  susy
